GEM
  remote: https://rubygems.org/
  specs:
    puts_color (1.0.0)
    rake (10.1.0)

PLATFORMS
  ruby

DEPENDENCIES
  puts_color
  rake
